PATH
  remote: .
  specs:
    groupon (1.0.0)
      hashie (>= 0.1.3)
      httparty (>= 0.1.0)

GEM
  remote: http://rubygems.org/
  specs:
    activesupport (3.2.13)
      i18n (= 0.6.1)
      multi_json (~> 1.0)
    bourne (1.4.0)
      mocha (~> 0.13.2)
    fakeweb (1.3.0)
    hashie (2.0.3)
    httparty (0.10.2)
      multi_json (~> 1.0)
      multi_xml (>= 0.5.2)
    i18n (0.6.1)
    jnunemaker-matchy (0.4.0)
    metaclass (0.0.1)
    mg (0.0.8)
      rake
    mocha (0.13.3)
      metaclass (~> 0.0.1)
    multi_json (1.7.2)
    multi_xml (0.5.3)
    rake (10.0.4)
    shoulda (3.4.0)
      shoulda-context (~> 1.0, >= 1.0.1)
      shoulda-matchers (~> 1.0, >= 1.4.1)
    shoulda-context (1.1.0)
    shoulda-matchers (1.5.6)
      activesupport (>= 3.0.0)
      bourne (~> 1.3)
    yard (0.8.5.2)

PLATFORMS
  ruby

DEPENDENCIES
  fakeweb (>= 1.2.5)
  groupon!
  jnunemaker-matchy (= 0.4.0)
  mg (>= 0.0.8)
  shoulda (>= 2.10.1)
  yard
