PATH
  remote: .
  specs:
    groupon (1.0.1)
      hashie (>= 0.1.3)
      httparty (>= 0.1.0)

GEM
  remote: http://rubygems.org/
  specs:
    activesupport (7.1.2)
      base64
      bigdecimal
      concurrent-ruby (~> 1.0, >= 1.0.2)
      connection_pool (>= 2.2.5)
      drb
      i18n (>= 1.6, < 2)
      minitest (>= 5.1)
      mutex_m
      tzinfo (~> 2.0)
    base64 (0.2.0)
    bigdecimal (3.1.5)
    bourne (1.4.0)
      mocha (~> 0.13.2)
    concurrent-ruby (1.2.2)
    connection_pool (2.4.1)
    drb (2.2.0)
      ruby2_keywords
    fakeweb (1.3.0)
    hashie (2.0.3)
    httparty (0.11.0)
      multi_json (~> 1.0)
      multi_xml (>= 0.5.2)
    i18n (1.14.1)
      concurrent-ruby (~> 1.0)
    jnunemaker-matchy (0.4.0)
    metaclass (0.0.1)
    mg (0.0.8)
      rake
    minitest (5.20.0)
    mocha (0.13.3)
      metaclass (~> 0.0.1)
    multi_json (1.15.0)
    multi_xml (0.5.3)
    mutex_m (0.2.0)
    rake (10.0.4)
    ruby2_keywords (0.0.5)
    shoulda (3.4.0)
      shoulda-context (~> 1.0, >= 1.0.1)
      shoulda-matchers (~> 1.0, >= 1.4.1)
    shoulda-context (1.1.0)
    shoulda-matchers (1.5.6)
      activesupport (>= 3.0.0)
      bourne (~> 1.3)
    tzinfo (2.0.6)
      concurrent-ruby (~> 1.0)
    yard (0.8.5.2)

PLATFORMS
  ruby

DEPENDENCIES
  fakeweb (>= 1.2.5)
  groupon!
  jnunemaker-matchy (= 0.4.0)
  mg (>= 0.0.8)
  shoulda (>= 2.10.1)
  yard
